PATH
  remote: .
  specs:
    version_sorter (2.2.1)

GEM
  remote: https://rubygems.org/
  specs:
    helix_runtime (0.7.2)
      rake (>= 10.0)
      thor (~> 0.19.4)
      tomlrb (~> 1.2.4)
    rake (10.4.2)
    test-unit (2.0.9)
    thor (0.19.4)
    tomlrb (1.2.6)

PLATFORMS
  ruby

DEPENDENCIES
  helix_runtime (~> 0.7)
  rake
  test-unit (~> 2.0.4)
  version_sorter!

BUNDLED WITH
   1.16.1
